GEM
  remote: https://rubygems.org/
  specs:
    diff-lcs (1.2.4)
    facter (1.7.2)
    git (1.2.6)
    hiera (1.2.1)
      json_pure
    json (1.8.0-java)
    json_pure (1.8.0)
    little-plugger (1.1.3)
    logging (1.8.0)
      little-plugger (>= 1.1.3)
      multi_json (>= 1.3.6)
    maestro-plugin-rake-tasks (1.0.7)
      git
      json (>= 1.4.6)
      nokogiri
      rake (>= 0.9.2)
      zippy
    maestro_plugin (0.0.16)
      json (>= 1.4.6)
      logging (= 1.8.0)
      rubyzip (= 0.9.8)
    mcollective-test (0.4.3)
    mime-types (1.24)
    mini_portile (0.5.1)
    multi_json (1.7.9)
    nokogiri (1.6.0-java)
      mini_portile (~> 0.5.0)
    pe-mcollective-client (1.2.1)
    puppet (3.2.4)
      facter (~> 1.6)
      hiera (~> 1.0)
      rgen (~> 0.6.5)
    puppet-blacksmith (2.0.0)
      nokogiri
      puppet (>= 2.7.16)
      rest-client
    rake (10.1.0)
    rest-client (1.6.7)
      mime-types (>= 1.16)
    rgen (0.6.5)
    rspec (2.14.1)
      rspec-core (~> 2.14.0)
      rspec-expectations (~> 2.14.0)
      rspec-mocks (~> 2.14.0)
    rspec-core (2.14.5)
    rspec-expectations (2.14.2)
      diff-lcs (>= 1.1.3, < 2.0)
    rspec-mocks (2.14.3)
    rubyzip (0.9.8)
    stomp (1.2.13)
    zippy (0.2.1)
      rubyzip (>= 0.9.1)

PLATFORMS
  java

DEPENDENCIES
  maestro-plugin-rake-tasks
  maestro_plugin (> 0.0.5)
  mcollective-test
  pe-mcollective-client (= 1.2.1)
  puppet-blacksmith (>= 2.0.0)
  rspec
  stomp
